PATH
  remote: .
  specs:
    liszt (0.0.7)
      activerecord (>= 3.0.0)
      redis

GEM
  remote: http://rubygems.org/
  specs:
    activemodel (3.1.11)
      activesupport (= 3.1.11)
      builder (~> 3.0.0)
      i18n (~> 0.6)
    activerecord (3.1.11)
      activemodel (= 3.1.11)
      activesupport (= 3.1.11)
      arel (~> 2.2.3)
      tzinfo (~> 0.3.29)
    activesupport (3.1.11)
      multi_json (~> 1.0)
    arel (2.2.3)
    builder (3.0.4)
    i18n (0.6.4)
    minitest (4.6.2)
    multi_json (1.6.1)
    rake (10.0.3)
    rdiscount (2.0.7.1)
    redis (3.0.3)
    sqlite3 (1.3.7)
    tzinfo (0.3.37)
    yard (0.8.5.2)

PLATFORMS
  ruby

DEPENDENCIES
  activerecord (~> 3.1.0)
  liszt!
  minitest
  rake
  rdiscount
  sqlite3
  yard
